PATH
  remote: .
  specs:
    reduce (0.2.0)
      smusher

GEM
  remote: http://rubygems.org/
  specs:
    bump (0.3.8)
    git (1.2.5)
    httpclient (2.3.0.1)
    jeweler (1.8.4)
      bundler (~> 1.0)
      git (>= 1.2.5)
      rake
      rdoc
    json (1.7.5)
    rake (10.0.3)
    rdoc (3.12)
      json (~> 1.4)
    rspec (1.3.2)
    smusher (0.4.9)
      httpclient (>= 2.2)
      json
      rake

PLATFORMS
  ruby

DEPENDENCIES
  bump
  jeweler
  rake
  reduce!
  rspec (~> 1)
